PATH
  remote: .
  specs:
    kensa (1.1.4)
      kensa
      launchy (>= 0.3.2)
      mechanize (~> 1.0.0)
      rest-client (< 1.7.0, >= 1.4.0)
      term-ansicolor (~> 1.0)
      yajl-ruby (~> 0.6)

GEM
  remote: http://rubygems.org/
  specs:
    addressable (2.2.6)
    ansi (1.3.0)
    contest (0.1.3)
    git (1.2.5)
    haml (3.1.2)
    jeweler (1.6.4)
      bundler (~> 1.0)
      git (>= 1.2.5)
      rake
    json (1.5.3)
    launchy (2.0.5)
      addressable (~> 2.2.6)
    mechanize (1.0.0)
      nokogiri (>= 1.2.1)
    mime-types (1.16)
    nokogiri (1.5.0)
    rack (1.3.2)
    rake (0.9.2)
    rest-client (1.6.3)
      mime-types (>= 1.16)
    rr (1.0.3)
    sinatra (1.2.6)
      rack (~> 1.1)
      tilt (>= 1.2.2, < 2.0)
    term-ansicolor (1.0.6)
    tilt (1.3.2)
    timecop (0.3.5)
    turn (0.8.2)
      ansi (>= 1.2.2)
    yajl-ruby (0.8.3)

PLATFORMS
  ruby

DEPENDENCIES
  contest
  haml
  jeweler
  json
  kensa!
  rr
  sinatra (>= 0.9)
  timecop (>= 0.3.5)
  turn
