PATH
  remote: .
  specs:
    kensa (1.4.2)
      launchy (>= 0.3.2)
      mechanize (~> 2.6.0)
      rest-client (>= 1.4.0, < 1.7.0)
      term-ansicolor (~> 1.0)

GEM
  remote: https://rubygems.org/
  specs:
    addressable (2.3.3)
    archive-tar-minitar (0.5.2)
    artifice (0.6)
      rack-test
    columnize (0.3.6)
    contest (0.1.3)
    domain_name (0.5.9)
      unf (>= 0.0.5, < 1.0.0)
    fakefs (0.4.2)
    haml (4.0.1)
      tilt
    launchy (2.2.0)
      addressable (~> 2.3)
    linecache (0.46)
      rbx-require-relative (> 0.0.4)
    linecache19 (0.5.12)
      ruby_core_source (>= 0.1.4)
    mechanize (2.6.0)
      domain_name (~> 0.5, >= 0.5.1)
      mime-types (~> 1.17, >= 1.17.2)
      net-http-digest_auth (~> 1.1, >= 1.1.1)
      net-http-persistent (~> 2.5, >= 2.5.2)
      nokogiri (~> 1.4)
      ntlm-http (~> 0.1, >= 0.1.1)
      webrobots (>= 0.0.9, < 0.2)
    mime-types (1.21)
    net-http-digest_auth (1.2.1)
    net-http-persistent (2.8)
    nokogiri (1.5.9)
    ntlm-http (0.1.1)
    rack (1.5.2)
    rack-protection (1.5.0)
      rack
    rack-test (0.6.2)
      rack (>= 1.0)
    rake (10.0.4)
    rbx-require-relative (0.0.9)
    rest-client (1.6.7)
      mime-types (>= 1.16)
    rr (1.0.4)
    ruby-debug (0.10.4)
      columnize (>= 0.1)
      ruby-debug-base (~> 0.10.4.0)
    ruby-debug-base (0.10.4)
      linecache (>= 0.3)
    ruby-debug-base19 (0.11.25)
      columnize (>= 0.3.1)
      linecache19 (>= 0.5.11)
      ruby_core_source (>= 0.1.4)
    ruby-debug19 (0.11.6)
      columnize (>= 0.3.1)
      linecache19 (>= 0.5.11)
      ruby-debug-base19 (>= 0.11.19)
    ruby_core_source (0.1.5)
      archive-tar-minitar (>= 0.5.2)
    sinatra (1.4.2)
      rack (~> 1.5, >= 1.5.2)
      rack-protection (~> 1.4)
      tilt (~> 1.3, >= 1.3.4)
    term-ansicolor (1.1.3)
    tilt (1.3.6)
    timecop (0.6.1)
    unf (0.1.1)
      unf_ext
    unf_ext (0.0.6)
    webrobots (0.1.1)

PLATFORMS
  ruby

DEPENDENCIES
  artifice
  contest
  fakefs
  haml
  kensa!
  rake
  rr
  ruby-debug
  ruby-debug19
  sinatra (>= 0.9)
  timecop (>= 0.3.5)
