PATH
  remote: .
  specs:
    kensa (2.2.0)
      launchy (~> 2.2.0)
      mechanize (~> 2.6.0)
      netrc (~> 0.10.3)
      rest-client (~> 1.4, < 1.7.0)
      term-ansicolor (~> 1.3)

GEM
  remote: https://rubygems.org/
  specs:
    addressable (2.3.8)
    artifice (0.6)
      rack-test
    coderay (1.0.8)
    contest (0.1.3)
    domain_name (0.5.23)
      unf (>= 0.0.5, < 1.0.0)
    fakefs (0.4.2)
    launchy (2.2.0)
      addressable (~> 2.3)
    mechanize (2.6.0)
      domain_name (~> 0.5, >= 0.5.1)
      mime-types (~> 1.17, >= 1.17.2)
      net-http-digest_auth (~> 1.1, >= 1.1.1)
      net-http-persistent (~> 2.5, >= 2.5.2)
      nokogiri (~> 1.4)
      ntlm-http (~> 0.1, >= 0.1.1)
      webrobots (>= 0.0.9, < 0.2)
    method_source (0.8.1)
    mime-types (1.25.1)
    mini_portile (0.6.2)
    net-http-digest_auth (1.4)
    net-http-persistent (2.9.4)
    netrc (0.10.3)
    nokogiri (1.6.5)
      mini_portile (~> 0.6.0)
    ntlm-http (0.1.1)
    pry (0.9.11.4)
      coderay (~> 1.0.5)
      method_source (~> 0.8)
      slop (~> 3.4)
    rack (1.5.2)
    rack-protection (1.5.0)
      rack
    rack-test (0.6.2)
      rack (>= 1.0)
    rake (10.0.4)
    rdoc (4.2.0)
    rest-client (1.6.8)
      mime-types (~> 1.16)
      rdoc (>= 2.4.2)
    rr (1.0.4)
    sinatra (1.4.2)
      rack (~> 1.5, >= 1.5.2)
      rack-protection (~> 1.4)
      tilt (~> 1.3, >= 1.3.4)
    slop (3.4.3)
    term-ansicolor (1.3.0)
      tins (~> 1.0)
    tilt (1.3.6)
    timecop (0.6.1)
    tins (1.3.5)
    unf (0.1.4)
      unf_ext
    unf_ext (0.0.6)
    uuidtools (2.1.5)
    webrobots (0.1.1)

PLATFORMS
  ruby

DEPENDENCIES
  artifice (~> 0.6)
  contest (~> 0.1.3)
  fakefs (~> 0.4.2)
  kensa!
  pry
  rake
  rr (~> 1.0.4)
  sinatra (~> 1.4.2)
  timecop (~> 0.6.1)
  uuidtools (~> 2.1.5)
