PATH
  remote: .
  specs:
    action-kensa (0.0.1)
      launchy (>= 0.3.2)
      mechanize (~> 1.0.0)
      netrc (~> 0.7.7)
      oauth2 (~> 0.8.0)
      rest-client (>= 1.4.0, < 1.7.0)
      term-ansicolor (~> 1.0)

GEM
  remote: http://rubygems.org/
  specs:
    addressable (2.3.2)
    archive-tar-minitar (0.5.2)
    artifice (0.6)
      rack-test
    columnize (0.3.4)
    contest (0.1.3)
    fakefs (0.4.0)
    faraday (0.8.4)
      multipart-post (~> 1.1)
    haml (3.1.2)
    httpauth (0.2.0)
    jwt (0.1.5)
      multi_json (>= 1.0)
    launchy (2.1.2)
      addressable (~> 2.3)
    linecache (0.43)
    linecache19 (0.5.12)
      ruby_core_source (>= 0.1.4)
    mechanize (1.0.0)
      nokogiri (>= 1.2.1)
    mime-types (1.19)
    multi_json (1.4.0)
    multipart-post (1.1.5)
    netrc (0.7.7)
    nokogiri (1.5.5)
    oauth2 (0.8.0)
      faraday (~> 0.8)
      httpauth (~> 0.1)
      jwt (~> 0.1.4)
      multi_json (~> 1.0)
      rack (~> 1.2)
    rack (1.3.2)
    rack-test (0.6.1)
      rack (>= 1.0)
    rake (0.9.2.2)
    rest-client (1.6.7)
      mime-types (>= 1.16)
    rr (1.0.3)
    ruby-debug (0.10.4)
      columnize (>= 0.1)
      ruby-debug-base (~> 0.10.4.0)
    ruby-debug-base (0.10.4)
      linecache (>= 0.3)
    ruby-debug-base19 (0.11.25)
      columnize (>= 0.3.1)
      linecache19 (>= 0.5.11)
      ruby_core_source (>= 0.1.4)
    ruby-debug19 (0.11.6)
      columnize (>= 0.3.1)
      linecache19 (>= 0.5.11)
      ruby-debug-base19 (>= 0.11.19)
    ruby_core_source (0.1.5)
      archive-tar-minitar (>= 0.5.2)
    sinatra (1.2.6)
      rack (~> 1.1)
      tilt (>= 1.2.2, < 2.0)
    term-ansicolor (1.0.7)
    tilt (1.3.2)
    timecop (0.3.5)

PLATFORMS
  ruby

DEPENDENCIES
  action-kensa!
  artifice
  contest
  fakefs
  haml
  rake
  rr
  ruby-debug
  ruby-debug19
  sinatra (>= 0.9)
  timecop (>= 0.3.5)
